GEM
  remote: https://rubygems.org/
  specs:
    connection_pool (2.2.0)
    dotenv (2.0.1)
    httpclient (2.6.0.1)
    json (2.3.0)
    multi_json (1.11.0)
    puma (2.11.2)
      rack (>= 1.1, < 2.0)
    pusher (0.14.5)
      httpclient (~> 2.5)
      multi_json (~> 1.0)
      signature (~> 0.1.8)
    rack (1.6.0)
    rack-protection (1.5.3)
      rack
    redis (3.2.1)
    redis-objects (1.2.0)
      redis (>= 3.0.2)
    signature (0.1.8)
    sinatra (1.4.6)
      rack (~> 1.4)
      rack-protection (~> 1.4)
      tilt (>= 1.3, < 3)
    tilt (1.4.1)

PLATFORMS
  ruby

DEPENDENCIES
  connection_pool
  dotenv
  json
  puma
  pusher
  redis-objects
  sinatra

BUNDLED WITH
   1.10.6
